GEM
  remote: https://rubygems.org/
  specs:
    bridge (0.2.0)
    daemons (1.1.9)
    eventmachine (1.0.3)
    lin (0.0.1)
    minitest (5.0.6)
    rack (1.5.2)
    rack-protection (1.5.0)
      rack
    rake (10.1.0)
    sass (3.2.9)
    sinatra (1.4.3)
      rack (~> 1.4)
      rack-protection (~> 1.4)
      tilt (~> 1.3, >= 1.3.4)
    thin (1.5.1)
      daemons (>= 1.0.9)
      eventmachine (>= 0.12.6)
      rack (>= 1.0.0)
    tilt (1.4.1)

PLATFORMS
  ruby

DEPENDENCIES
  bridge
  lin
  minitest
  rake
  sass
  sinatra
  thin
